PATH
  remote: .
  specs:
    rubiks_cube (1.3.0)

GEM
  remote: https://rubygems.org/
  specs:
    cane (2.6.0)
      parallel
    cane-hashcheck (1.2.0)
      cane
    diff-lcs (1.2.5)
    parallel (0.7.1)
    rake (13.0.6)
    rspec (3.1.0)
      rspec-core (~> 3.1.0)
      rspec-expectations (~> 3.1.0)
      rspec-mocks (~> 3.1.0)
    rspec-core (3.1.2)
      rspec-support (~> 3.1.0)
    rspec-expectations (3.1.0)
      diff-lcs (>= 1.2.0, < 2.0)
      rspec-support (~> 3.1.0)
    rspec-mocks (3.1.0)
      rspec-support (~> 3.1.0)
    rspec-support (3.1.0)

PLATFORMS
  ruby

DEPENDENCIES
  bundler (~> 1.7.2)
  cane-hashcheck (~> 1.2.0)
  rake (~> 13.0.6)
  rspec (~> 3.1.0)
  rubiks_cube!
